GEM
  remote: https://rubygems.org/
  specs:
    activemodel (6.0.3.1)
      activesupport (= 6.0.3.1)
    activerecord (6.0.3.1)
      activemodel (= 6.0.3.1)
      activesupport (= 6.0.3.1)
    activesupport (6.0.3.1)
      concurrent-ruby (~> 1.0, >= 1.0.2)
      i18n (>= 0.7, < 2)
      minitest (~> 5.1)
      tzinfo (~> 1.1)
      zeitwerk (~> 2.2, >= 2.2.2)
    braintree (2.87.0)
      builder (>= 2.0.0)
    builder (3.2.3)
    concurrent-ruby (1.1.6)
    dotenv (2.1.1)
    i18n (1.8.2)
      concurrent-ruby (~> 1.0)
    kgio (2.11.2)
    minitest (5.14.1)
    mustermann (1.1.1)
      ruby2_keywords (~> 0.0.1)
    pg (0.18.2)
    rack (2.1.2)
    rack-protection (2.0.2)
      rack
    raindrops (0.19.0)
    rake (12.3.3)
    remote_syslog_logger (1.0.3)
      syslog_protocol
    ruby2_keywords (0.0.2)
    sass (3.4.22)
    shotgun (0.9.2)
      rack (>= 1.0)
    sinatra (2.0.2)
      mustermann (~> 1.0)
      rack (~> 2.0)
      rack-protection (= 2.0.2)
      tilt (~> 2.0)
    sinatra-activerecord (2.0.13)
      activerecord (>= 3.2)
      sinatra (>= 1.0)
    sqlite3 (1.3.11)
    syslog_protocol (0.9.2)
    thread_safe (0.3.6)
    tilt (2.0.10)
    tzinfo (1.2.7)
      thread_safe (~> 0.1)
    unicorn (4.9.0)
      kgio (~> 2.6)
      rack
      raindrops (~> 0.7)
    zeitwerk (2.3.0)

PLATFORMS
  ruby

DEPENDENCIES
  braintree (= 2.87.0)
  dotenv (= 2.1.1)
  pg (= 0.18.2)
  rake (= 12.3.3)
  remote_syslog_logger (= 1.0.3)
  sass (= 3.4.22)
  shotgun
  sinatra (= 2.0.2)
  sinatra-activerecord (= 2.0.13)
  sqlite3 (= 1.3.11)
  unicorn (= 4.9.0)

BUNDLED WITH
   1.17.3
